GIT
  remote: git://github.com/opscode/omnibus-software.git
  revision: 262994f53cd46f44e5cc8d711bd742e1795d08b9
  specs:
    omnibus-software (4.0.0)
      chef-sugar (>= 3.4.0)
      omnibus (>= 5.5.0)

GIT
  remote: https://github.com/ahelal/kitchen-docker.git
  revision: 12552cc580393108e67ba9f933a8730b3ab0187f
  branch: feature/alpine
  specs:
    kitchen-docker (2.6.1.pre)
      test-kitchen (>= 1.0.0)

GEM
  remote: https://rubygems.org/
  specs:
    addressable (2.5.0)
      public_suffix (~> 2.0, >= 2.0.2)
    artifactory (2.5.1)
    aws-sdk (2.6.28)
      aws-sdk-resources (= 2.6.28)
    aws-sdk-core (2.6.28)
      aws-sigv4 (~> 1.0)
      jmespath (~> 1.0)
    aws-sdk-resources (2.6.28)
      aws-sdk-core (= 2.6.28)
    aws-sigv4 (1.0.0)
    chef-config (12.16.42)
      addressable
      fuzzyurl
      mixlib-config (~> 2.0)
      mixlib-shellout (~> 2.0)
    chef-sugar (3.4.0)
    cleanroom (1.0.0)
    dep-selector-libgecode (1.3.1)
    diff-lcs (1.2.5)
    ffi (1.9.14)
    ffi-yajl (2.3.0)
      libyajl2 (~> 1.2)
    fuzzyurl (0.9.0)
    ipaddress (0.8.3)
    jmespath (1.3.1)
    kitchen-vagrant (0.21.1)
      test-kitchen (~> 1.4)
    kitchen-verifier-serverspec (0.6.2)
      net-ssh (~> 3)
      test-kitchen (~> 1.4)
    libyajl2 (1.2.0)
    license_scout (0.1.3)
      ffi-yajl (~> 2.2)
      mixlib-shellout (~> 2.2)
    mixlib-cli (1.7.0)
    mixlib-config (2.2.4)
    mixlib-install (2.1.7)
      artifactory
      mixlib-shellout
      mixlib-versioning
      thor
    mixlib-log (1.7.1)
    mixlib-shellout (2.2.7)
    mixlib-versioning (1.1.0)
    multi_json (1.12.1)
    net-scp (1.2.1)
      net-ssh (>= 2.6.5)
    net-ssh (3.2.0)
    net-ssh-gateway (1.2.0)
      net-ssh (>= 2.6.5)
    net-telnet (0.1.1)
    ohai (8.21.0)
      chef-config (>= 12.5.0.alpha.1, < 13)
      ffi (~> 1.9)
      ffi-yajl (~> 2.2)
      ipaddress
      mixlib-cli
      mixlib-config (~> 2.0)
      mixlib-log (>= 1.7.1, < 2.0)
      mixlib-shellout (~> 2.0)
      plist (~> 3.1)
      systemu (~> 2.6.4)
      wmi-lite (~> 1.0)
    omnibus (5.5.0)
      aws-sdk (~> 2)
      chef-sugar (~> 3.3)
      cleanroom (~> 1.0)
      ffi-yajl (~> 2.2)
      license_scout
      mixlib-shellout (~> 2.0)
      mixlib-versioning
      ohai (~> 8.0)
      ruby-progressbar (~> 1.7)
      thor (~> 0.18)
    plist (3.2.0)
    pristine (0.0.3)
      rb-inotify (~> 0.9.7)
    public_suffix (2.0.4)
    rb-inotify (0.9.7)
      ffi (>= 0.5.0)
    rspec (3.5.0)
      rspec-core (~> 3.5.0)
      rspec-expectations (~> 3.5.0)
      rspec-mocks (~> 3.5.0)
    rspec-core (3.5.4)
      rspec-support (~> 3.5.0)
    rspec-expectations (3.5.0)
      diff-lcs (>= 1.2.0, < 2.0)
      rspec-support (~> 3.5.0)
    rspec-its (1.2.0)
      rspec-core (>= 3.0.0)
      rspec-expectations (>= 3.0.0)
    rspec-mocks (3.5.0)
      diff-lcs (>= 1.2.0, < 2.0)
      rspec-support (~> 3.5.0)
    rspec-support (3.5.0)
    ruby-progressbar (1.8.1)
    safe_yaml (1.0.4)
    serverspec (2.37.2)
      multi_json
      rspec (~> 3.0)
      rspec-its
      specinfra (~> 2.53)
    sfl (2.3)
    specinfra (2.66.2)
      net-scp
      net-ssh (>= 2.7, < 4.0)
      net-telnet
      sfl
    systemu (2.6.5)
    test-kitchen (1.14.0)
      mixlib-install (>= 1.2, < 3.0)
      mixlib-shellout (>= 1.2, < 3.0)
      net-scp (~> 1.1)
      net-ssh (>= 2.9, < 4.0)
      net-ssh-gateway (~> 1.2.0)
      safe_yaml (~> 1.0)
      thor (~> 0.18)
    thor (0.19.4)
    wmi-lite (1.0.0)

PLATFORMS
  ruby

DEPENDENCIES
  dep-selector-libgecode
  kitchen-docker!
  kitchen-vagrant
  kitchen-verifier-serverspec
  net-ssh
  omnibus (~> 5.5)
  omnibus-software!
  pristine
  serverspec
  test-kitchen (~> 1.4)

BUNDLED WITH
   1.13.6
